PATH
  remote: ../..
  specs:
    lowkiq (1.0.4)
      connection_pool (~> 2.2, >= 2.2.2)
      rack (>= 1.5.0)
      redis (>= 4.0.1, < 5)

GEM
  remote: https://rubygems.org/
  specs:
    connection_pool (2.2.3)
    hiredis (0.6.3)
    rack (2.0.7)
    rack-protection (2.0.7)
      rack
    redis (4.1.3)
    sidekiq (6.0.1)
      connection_pool (>= 2.2.2)
      rack (>= 2.0.0)
      rack-protection (>= 2.0.0)
      redis (>= 4.1.0)

PLATFORMS
  ruby

DEPENDENCIES
  hiredis
  lowkiq!
  sidekiq

BUNDLED WITH
   2.1.4
