PATH
  remote: ../..
  specs:
    lowkiq (1.0.6)
      connection_pool (~> 2.2, >= 2.2.2)
      rack (>= 1.5.0)
      redis (>= 4.0.1, < 5)

GEM
  remote: https://rubygems.org/
  specs:
    connection_pool (2.2.3)
    rack (2.0.5)
    redis (4.2.5)

PLATFORMS
  ruby

DEPENDENCIES
  lowkiq!
  rack

BUNDLED WITH
   2.1.4
